GEM
  specs:
    yard (0.8.6.1)

PLATFORMS
  ruby

DEPENDENCIES
  yard
