GEM
  remote: https://rubygems.org/
  specs:
    redcarpet (3.5.0)
    yard (0.9.25)

PLATFORMS
  ruby

DEPENDENCIES
  redcarpet
  yard

BUNDLED WITH
   1.16.3
