GEM
  specs:
    redcarpet (2.2.2)
    yard (0.9.11)

PLATFORMS
  ruby

DEPENDENCIES
  redcarpet
  yard
